GIT
  remote: git://github.com/aslakhellesoy/cucumber-rails.git
  revision: 7e29c9f
  specs:
    cucumber-rails (0.3.2)
      cucumber (>= 0.8.0)

GIT
  remote: git://github.com/bmabey/database_cleaner.git
  revision: de440ec
  specs:
    database_cleaner (0.6.0.rc.2)

GIT
  remote: git://github.com/jnicklas/capybara.git
  revision: a4ed172
  specs:
    capybara (0.3.9)
      celerity (>= 0.7.9)
      culerity (>= 0.2.4)
      mime-types (>= 1.16)
      nokogiri (>= 1.3.3)
      rack (>= 1.0.0)
      rack-test (>= 0.5.4)
      selenium-webdriver (>= 0.0.27)
      xpath (>= 0.1.0)

GEM
  remote: http://rubygems.org/
  specs:
    abstract (1.0.0)
    actionmailer (3.0.0)
      actionpack (= 3.0.0)
      mail (~> 2.2.5)
    actionpack (3.0.0)
      activemodel (= 3.0.0)
      activesupport (= 3.0.0)
      builder (~> 2.1.2)
      erubis (~> 2.6.6)
      i18n (~> 0.4.1)
      rack (~> 1.2.1)
      rack-mount (~> 0.6.12)
      rack-test (~> 0.5.4)
      tzinfo (~> 0.3.23)
    activemodel (3.0.0)
      activesupport (= 3.0.0)
      builder (~> 2.1.2)
      i18n (~> 0.4.1)
    activerecord (3.0.0)
      activemodel (= 3.0.0)
      activesupport (= 3.0.0)
      arel (~> 1.0.0)
      tzinfo (~> 0.3.23)
    activeresource (3.0.0)
      activemodel (= 3.0.0)
      activesupport (= 3.0.0)
    activesupport (3.0.0)
    arel (1.0.1)
      activesupport (~> 3.0.0)
    bcrypt-ruby (2.1.2)
    bson (1.0.7)
    bson_ext (1.0.7)
    builder (2.1.2)
    capistrano (2.5.19)
      highline
      net-scp (>= 1.0.0)
      net-sftp (>= 2.0.0)
      net-ssh (>= 2.0.14)
      net-ssh-gateway (>= 1.0.0)
    celerity (0.8.0)
    cubicle (0.5.2)
      activesupport (>= 2.3)
      mongo (>= 0.18.3)
      mustache (>= 0.10.0)
    cucumber (0.8.5)
      builder (~> 2.1.2)
      diff-lcs (~> 1.1.2)
      gherkin (~> 2.1.4)
      json_pure (~> 1.4.3)
      term-ansicolor (~> 1.0.4)
    culerity (0.2.12)
    devise (1.1.2)
      bcrypt-ruby (~> 2.1.2)
      warden (~> 0.10.7)
    diff-lcs (1.1.2)
    erubis (2.6.6)
      abstract (>= 1.0.0)
    factory_girl (1.3.0)
    factory_girl_rails (1.0)
      factory_girl (~> 1.3)
      rails (>= 3.0.0.beta4)
    faker (0.3.1)
    ffi (0.6.3-x86-mingw32)
      rake (>= 0.8.7)
    gherkin (2.1.5-x86-mingw32)
      trollop (~> 1.16.2)
    has_scope (0.5.0)
    highline (1.6.1)
    i18n (0.4.1)
    inherited_resources (1.1.2)
      has_scope (~> 0.5.0)
      responders (~> 0.6.0)
    jnunemaker-validatable (1.8.4)
      activesupport (>= 2.3.4)
    json_pure (1.4.6)
    mail (2.2.5)
      activesupport (>= 2.3.6)
      mime-types
      treetop (>= 1.4.5)
    mime-types (1.16)
    mm-devise (1.1.1)
      bcrypt-ruby (~> 2.1.2)
      bson_ext (>= 1.0.4)
      devise (>= 1.1.1)
      jnunemaker-validatable (>= 1.8.4)
      mongo_mapper (>= 0.8.2)
      rails3-generators (>= 0.12.1)
      warden (~> 0.10.7)
    mongo (1.0.8)
      bson (>= 1.0.5)
    mongo_mapper (0.8.4)
      activesupport (>= 2.3.4)
      jnunemaker-validatable (~> 1.8.4)
      plucky (~> 0.3.5)
    mustache (0.11.2)
    net-scp (1.0.3)
      net-ssh (>= 1.99.1)
    net-sftp (2.0.5)
      net-ssh (>= 2.0.9)
    net-ssh (2.0.23)
    net-ssh-gateway (1.0.1)
      net-ssh (>= 1.99.1)
    nokogiri (1.4.3.1-x86-mingw32)
    plucky (0.3.5)
      mongo (~> 1.0.8)
    polyglot (0.3.1)
    rack (1.2.1)
    rack-mount (0.6.13)
      rack (>= 1.0.0)
    rack-test (0.5.4)
      rack (>= 1.0)
    rails (3.0.0)
      actionmailer (= 3.0.0)
      actionpack (= 3.0.0)
      activerecord (= 3.0.0)
      activeresource (= 3.0.0)
      activesupport (= 3.0.0)
      bundler (~> 1.0.0)
      railties (= 3.0.0)
    rails3-generators (0.13.0)
    railties (3.0.0)
      actionpack (= 3.0.0)
      activesupport (= 3.0.0)
      rake (>= 0.8.4)
      thor (~> 0.14.0)
    rake (0.8.7)
    ramdiv-mongo_mapper_acts_as_tree (0.1.1)
      mongo_mapper (>= 0.6.8)
    responders (0.6.2)
    rspec (2.0.0.beta.20)
      rspec-core (= 2.0.0.beta.20)
      rspec-expectations (= 2.0.0.beta.20)
      rspec-mocks (= 2.0.0.beta.20)
    rspec-core (2.0.0.beta.20)
    rspec-expectations (2.0.0.beta.20)
      diff-lcs (>= 1.1.2)
    rspec-mocks (2.0.0.beta.20)
    rspec-rails (2.0.0.beta.20)
      rspec (= 2.0.0.beta.20)
    rubyzip (0.9.4)
    selenium-webdriver (0.0.28)
      ffi (>= 0.6.1)
      json_pure
      rubyzip
    term-ansicolor (1.0.5)
    thor (0.14.0)
    timecop (0.3.4)
    treetop (1.4.8)
      polyglot (>= 0.3.1)
    trollop (1.16.2)
    tzinfo (0.3.23)
    warden (0.10.7)
      rack (>= 1.0.0)
    webrat (0.7.1)
      nokogiri (>= 1.2.0)
      rack (>= 1.0)
      rack-test (>= 0.5.3)
    will_paginate (2.3.14)
    xpath (0.1.0)

PLATFORMS
  x86-mingw32

DEPENDENCIES
  bson_ext (= 1.0.7)
  capistrano
  capybara!
  cubicle (= 0.5.2)
  cucumber
  cucumber-rails!
  database_cleaner!
  devise (~> 1.1.1)
  factory_girl (= 1.3.0)
  factory_girl_rails (= 1.0)
  faker
  inherited_resources (= 1.1.2)
  mm-devise (= 1.1.1)
  mongo
  mongo_mapper (= 0.8.4)
  rails (= 3.0.0)
  rails3-generators (>= 0.12.1)
  ramdiv-mongo_mapper_acts_as_tree (>= 0.1.0)
  rspec (= 2.0.0.beta.20)
  rspec-rails (= 2.0.0.beta.20)
  timecop
  webrat
  will_paginate (>= 2.3.12)
